GEM
  remote: http://rubygems.org/
  specs:
    activemodel (3.2.13)
      activesupport (= 3.2.13)
      builder (~> 3.0.0)
    activerecord (3.2.13)
      activemodel (= 3.2.13)
      activesupport (= 3.2.13)
      arel (~> 3.0.2)
      tzinfo (~> 0.3.29)
    activesupport (3.2.13)
      i18n (= 0.6.1)
      multi_json (~> 1.0)
    arel (3.0.2)
    builder (3.0.4)
    factory_girl (4.2.0)
      activesupport (>= 3.0.0)
    i18n (0.6.1)
    json (1.7.7)
    metaclass (0.0.1)
    metasploit_data_models (0.15.1)
      activerecord (>= 3.2.13)
      activesupport
      pg
    msgpack (0.5.4)
    multi_json (1.0.4)
    nokogiri (1.5.9)
    pg (0.15.1)
    rake (10.0.4)
    redcarpet (2.2.2)
    robots (0.10.1)
    tzinfo (0.3.37)
    yard (0.8.5.2)

PLATFORMS
  ruby

DEPENDENCIES
  activerecord
  activesupport (>= 3.0.0)
  factory_girl (>= 4.1.0)
  json
  metasploit_data_models (~> 0.15.1)
  msgpack
  nokogiri
  pg (>= 0.11)
  rake
  redcarpet
  robots
  yard
