GIT
  remote: git://github.com/rapid7/metasploit-concern.git
  revision: 482868e64612ef812ee7942c6a15056dd031ae1d
  branch: staging/rails-upgrade
  specs:
    metasploit-concern (1.1.0)
      activemodel (~> 4.2.6)
      activesupport (~> 4.2.6)
      railties (~> 4.2.6)

GIT
  remote: git://github.com/rapid7/metasploit-credential.git
  revision: cf42bde7e52c13f39d068be0d97a6a3cae7469ef
  branch: staging/rails-upgrade
  specs:
    metasploit-credential (1.1.0)
      metasploit-concern
      metasploit-model
      metasploit_data_models
      pg
      railties
      rubyntlm
      rubyzip

GIT
  remote: git://github.com/rapid7/metasploit-erd.git
  revision: dccec019e977e37687cc4e67e696b515b168e68b
  branch: staging/rails-upgrade
  specs:
    metasploit-erd (1.1.0)
      activerecord (~> 4.2.6)
      activesupport (~> 4.2.6)
      rails-erd (~> 1.1)

GIT
  remote: git://github.com/rapid7/metasploit-model.git
  revision: 70ce6d1e01c5a88f765eed270f5752af752cfe91
  branch: staging/rails-upgrade
  specs:
    metasploit-model (1.1.0)
      activemodel (~> 4.2.6)
      activesupport (~> 4.2.6)
      railties (~> 4.2.6)

GIT
  remote: git://github.com/rapid7/metasploit-yard.git
  revision: a664b716e06b102b2e370cf3a7f4bc5a7aa1468b
  branch: staging/rails-upgrade
  specs:
    metasploit-yard (1.1.0)
      rake
      redcarpet
      yard

GIT
  remote: git://github.com/rapid7/metasploit_data_models.git
  revision: 47c4fd516dd35231ad75e7c1fee27291fbddb53b
  branch: bug/MS-1174/create-InetInput-class
  specs:
    metasploit_data_models (1.3.0)
      activerecord (~> 4.2.6)
      activesupport (~> 4.2.6)
      arel-helpers
      metasploit-concern
      metasploit-model
      pg
      postgres_ext
      railties (~> 4.2.6)
      recog (~> 2.0)

GIT
  remote: git://github.com/rapid7/yard-metasploit-erd.git
  revision: 92fd9da9d29cb8a708ae5dca8b3151e89005ab85
  branch: staging/rails-upgrade
  specs:
    yard-metasploit-erd (1.1.0)
      metasploit-erd
      rails-erd
      yard

PATH
  remote: .
  specs:
    metasploit-framework (4.11.21)
      actionpack (~> 4.2.6)
      activerecord (~> 4.2.6)
      activesupport (~> 4.2.6)
      bcrypt
      filesize
      jsobfu
      json
      metasm
      metasploit-concern
      metasploit-credential
      metasploit-model
      metasploit-payloads (= 1.1.6)
      metasploit_data_models
      msgpack
      network_interface
      nokogiri
      octokit
      openssl-ccm
      packetfu
      patch_finder
      pcaprub
      pg
      railties
      rb-readline-r7
      recog
      redcarpet
      robots
      rubyzip
      sqlite3
      tzinfo

GEM
  remote: https://rubygems.org/
  specs:
    actionpack (4.2.6)
      actionview (= 4.2.6)
      activesupport (= 4.2.6)
      rack (~> 1.6)
      rack-test (~> 0.6.2)
      rails-dom-testing (~> 1.0, >= 1.0.5)
      rails-html-sanitizer (~> 1.0, >= 1.0.2)
    actionview (4.2.6)
      activesupport (= 4.2.6)
      builder (~> 3.1)
      erubis (~> 2.7.0)
      rails-dom-testing (~> 1.0, >= 1.0.5)
      rails-html-sanitizer (~> 1.0, >= 1.0.2)
    activemodel (4.2.6)
      activesupport (= 4.2.6)
      builder (~> 3.1)
    activerecord (4.2.6)
      activemodel (= 4.2.6)
      activesupport (= 4.2.6)
      arel (~> 6.0)
    activesupport (4.2.6)
      i18n (~> 0.7)
      json (~> 1.7, >= 1.7.7)
      minitest (~> 5.1)
      thread_safe (~> 0.3, >= 0.3.4)
      tzinfo (~> 1.1)
    addressable (2.4.0)
    arel (6.0.3)
    arel-helpers (2.3.0)
      activerecord (>= 3.1.0, < 6)
    aruba (0.14.1)
      childprocess (~> 0.5.6)
      contracts (~> 0.9)
      cucumber (>= 1.3.19)
      ffi (~> 1.9.10)
      rspec-expectations (>= 2.99)
      thor (~> 0.19)
    bcrypt (3.1.11)
    builder (3.2.2)
    capybara (2.7.0)
      addressable
      mime-types (>= 1.16)
      nokogiri (>= 1.3.3)
      rack (>= 1.0.0)
      rack-test (>= 0.5.4)
      xpath (~> 2.0)
    childprocess (0.5.9)
      ffi (~> 1.0, >= 1.0.11)
    choice (0.2.0)
    coderay (1.1.1)
    contracts (0.13.0)
    cucumber (2.3.3)
      builder (>= 2.1.2)
      cucumber-core (~> 1.4.0)
      cucumber-wire (~> 0.0.1)
      diff-lcs (>= 1.1.3)
      gherkin (~> 3.2.0)
      multi_json (>= 1.7.5, < 2.0)
      multi_test (>= 0.1.2)
    cucumber-core (1.4.0)
      gherkin (~> 3.2.0)
    cucumber-rails (1.4.3)
      capybara (>= 1.1.2, < 3)
      cucumber (>= 1.3.8, < 3)
      mime-types (>= 1.16, < 4)
      nokogiri (~> 1.5)
      railties (>= 3, < 5)
    cucumber-wire (0.0.1)
    diff-lcs (1.2.5)
    docile (1.1.5)
    erubis (2.7.0)
    factory_girl (4.7.0)
      activesupport (>= 3.0.0)
    factory_girl_rails (4.7.0)
      factory_girl (~> 4.7.0)
      railties (>= 3.0.0)
    faraday (0.9.2)
      multipart-post (>= 1.2, < 3)
    ffi (1.9.10)
    filesize (0.1.1)
    fivemat (1.3.2)
    gherkin (3.2.0)
    i18n (0.7.0)
    jsobfu (0.4.1)
      rkelly-remix (= 0.0.6)
    json (1.8.3)
    loofah (2.0.3)
      nokogiri (>= 1.5.9)
    metasm (1.0.2)
    metasploit-payloads (1.1.6)
    method_source (0.8.2)
    mime-types (3.0)
      mime-types-data (~> 3.2015)
    mime-types-data (3.2016.0221)
    mini_portile2 (2.0.0)
    minitest (5.8.4)
    msgpack (0.7.5)
    multi_json (1.11.2)
    multi_test (0.1.2)
    multipart-post (2.0.0)
    network_interface (0.0.1)
    nokogiri (1.6.7.2)
      mini_portile2 (~> 2.0.0.rc2)
    octokit (4.3.0)
      sawyer (~> 0.7.0, >= 0.5.3)
    openssl-ccm (1.2.1)
    packetfu (1.1.11)
      network_interface (~> 0.0)
      pcaprub (~> 0.12)
    patch_finder (1.0.2)
    pcaprub (0.12.4)
    pg (0.18.4)
    pg_array_parser (0.0.9)
    postgres_ext (3.0.0)
      activerecord (>= 4.0.0)
      arel (>= 4.0.1)
      pg_array_parser (~> 0.0.9)
    pry (0.10.3)
      coderay (~> 1.1.0)
      method_source (~> 0.8.1)
      slop (~> 3.4)
    rack (1.6.4)
    rack-test (0.6.3)
      rack (>= 1.0)
    rails-deprecated_sanitizer (1.0.3)
      activesupport (>= 4.2.0.alpha)
    rails-dom-testing (1.0.7)
      activesupport (>= 4.2.0.beta, < 5.0)
      nokogiri (~> 1.6.0)
      rails-deprecated_sanitizer (>= 1.0.1)
    rails-erd (1.4.7)
      activerecord (>= 3.2)
      activesupport (>= 3.2)
      choice (~> 0.2.0)
      ruby-graphviz (~> 1.2)
    rails-html-sanitizer (1.0.3)
      loofah (~> 2.0)
    railties (4.2.6)
      actionpack (= 4.2.6)
      activesupport (= 4.2.6)
      rake (>= 0.8.7)
      thor (>= 0.18.1, < 2.0)
    rake (11.1.2)
    rb-readline-r7 (0.5.2.0)
    recog (2.0.19)
      nokogiri
    redcarpet (3.3.4)
    rkelly-remix (0.0.6)
    robots (0.10.1)
    rspec-core (3.4.4)
      rspec-support (~> 3.4.0)
    rspec-expectations (3.4.0)
      diff-lcs (>= 1.2.0, < 2.0)
      rspec-support (~> 3.4.0)
    rspec-mocks (3.4.1)
      diff-lcs (>= 1.2.0, < 2.0)
      rspec-support (~> 3.4.0)
    rspec-rails (3.4.2)
      actionpack (>= 3.0, < 4.3)
      activesupport (>= 3.0, < 4.3)
      railties (>= 3.0, < 4.3)
      rspec-core (~> 3.4.0)
      rspec-expectations (~> 3.4.0)
      rspec-mocks (~> 3.4.0)
      rspec-support (~> 3.4.0)
    rspec-support (3.4.1)
    ruby-graphviz (1.2.2)
    rubyntlm (0.6.0)
    rubyzip (1.2.0)
    sawyer (0.7.0)
      addressable (>= 2.3.5, < 2.5)
      faraday (~> 0.8, < 0.10)
    shoulda-matchers (3.1.1)
      activesupport (>= 4.0.0)
    simplecov (0.11.2)
      docile (~> 1.1.0)
      json (~> 1.8)
      simplecov-html (~> 0.10.0)
    simplecov-html (0.10.0)
    slop (3.6.0)
    sqlite3 (1.3.11)
    thor (0.19.1)
    thread_safe (0.3.5)
    timecop (0.8.1)
    tzinfo (1.2.2)
      thread_safe (~> 0.1)
    xpath (2.0.0)
      nokogiri (~> 1.3)
    yard (0.8.7.6)

PLATFORMS
  ruby

DEPENDENCIES
  aruba
  cucumber-rails
  factory_girl_rails
  fivemat
  metasploit-concern!
  metasploit-credential!
  metasploit-erd!
  metasploit-framework!
  metasploit-model!
  metasploit-yard!
  metasploit_data_models!
  octokit (~> 4.0)
  pry
  rake
  redcarpet
  rspec-rails
  shoulda-matchers
  simplecov
  timecop
  yard
  yard-metasploit-erd!

BUNDLED WITH
   1.11.2
