GIT
  remote: git://github.com/rapid7/metasploit-model.git
  revision: 541a8c81b7d1bf6d8a1ec8b166a3b08f8df54da3
  tag: v0.19.1.tab-completion
  specs:
    metasploit-model (0.19.1)
      activesupport

GIT
  remote: git://github.com/rapid7/metasploit_data_models.git
  revision: 22942bddbc4a1572b443e39c8e51bf9e31a72b67
  tag: v0.54.1.search-relation
  specs:
    metasploit_data_models (0.54.1)
      activerecord (>= 3.2.13)
      activesupport
      awesome_nested_set
      file-find
      metasploit-model (~> 0.19.0)
      pg

GEM
  remote: http://rubygems.org/
  specs:
    activemodel (3.2.13)
      activesupport (= 3.2.13)
      builder (~> 3.0.0)
    activerecord (3.2.13)
      activemodel (= 3.2.13)
      activesupport (= 3.2.13)
      arel (~> 3.0.2)
      tzinfo (~> 0.3.29)
    activesupport (3.2.13)
      i18n (= 0.6.1)
      multi_json (~> 1.0)
    arel (3.0.2)
    awesome_nested_set (2.1.6)
      activerecord (>= 3.0.0)
    bourne (1.4.0)
      mocha (~> 0.13.2)
    builder (3.0.4)
    database_cleaner (1.2.0)
    diff-lcs (1.2.4)
    factory_girl (4.2.0)
      activesupport (>= 3.0.0)
    ffi (1.9.3)
    file-find (0.3.6)
      sys-admin (>= 1.5.2)
    fivemat (1.2.1)
    highline (1.6.20)
    i18n (0.6.1)
    json (1.8.1)
    metaclass (0.0.1)
    mocha (0.13.3)
      metaclass (~> 0.0.1)
    msgpack (0.5.4)
    multi_json (1.0.4)
    network_interface (0.0.1)
    nokogiri (1.5.9)
    packetfu (1.1.8)
    pcaprub (0.11.3)
    perftools.rb (2.0.1)
    pg (0.15.1)
    rake (10.1.0)
    redcarpet (2.2.2)
    robots (0.10.1)
    rspec (2.14.1)
      rspec-core (~> 2.14.0)
      rspec-expectations (~> 2.14.0)
      rspec-mocks (~> 2.14.0)
    rspec-core (2.14.6)
    rspec-expectations (2.14.3)
      diff-lcs (>= 1.1.3, < 2.0)
    rspec-mocks (2.14.4)
    ruby-progressbar (1.2.0)
    shoulda-matchers (1.5.2)
      activesupport (>= 3.0.0)
      bourne (~> 1.3)
    simplecov (0.5.4)
      multi_json (~> 1.0.3)
      simplecov-html (~> 0.5.3)
    simplecov-html (0.5.3)
    sys-admin (1.6.0)
      ffi (>= 1.1.0)
    table_print (1.5.1)
    timecop (0.6.1)
    tzinfo (0.3.37)
    yard (0.8.7.3)

PLATFORMS
  ruby

DEPENDENCIES
  activerecord
  activesupport (>= 3.0.0)
  database_cleaner
  factory_girl (>= 4.1.0)
  fivemat
  highline
  json
  metasploit-model!
  metasploit_data_models!
  msgpack
  network_interface (~> 0.0.1)
  nokogiri
  packetfu (= 1.1.8)
  pcaprub
  perftools.rb
  pg (>= 0.11)
  rake
  redcarpet
  robots
  rspec (>= 2.12)
  rspec-core (>= 2.14.0)
  ruby-progressbar
  shoulda-matchers
  simplecov (= 0.5.4)
  table_print
  timecop
  yard
